GEM
  remote: https://rubygems.org/
  specs:
    bootstrap-sass (3.0.0.0.rc2)
      sass (~> 3.2)
    chunky_png (1.2.9)
    compass (0.12.2)
      chunky_png (~> 1.2)
      fssm (>= 0.2.7)
      sass (~> 3.1)
    execjs (2.0.2)
    fssm (0.2.10)
    json (1.8.1)
    libv8 (3.16.14.3)
    rake (10.1.0)
    ref (1.0.5)
    sass (3.2.12)
    term-ansicolor (1.2.2)
      tins (~> 0.8)
    therubyracer (0.12.0)
      libv8 (~> 3.16.14.0)
      ref
    tins (0.12.0)
    uglifier (2.3.0)
      execjs (>= 0.3.0)
      json (>= 1.8.0)

PLATFORMS
  ruby

DEPENDENCIES
  bootstrap-sass (~> 3.0.0.0.rc2)
  compass
  rake
  term-ansicolor
  therubyracer
  uglifier
