GEM
  remote: https://rubygems.org/
  specs:
    execjs (2.0.2)
    json (1.8.1)
    libv8 (3.16.14.3)
    rake (10.1.0)
    ref (1.0.5)
    therubyracer (0.12.0)
      libv8 (~> 3.16.14.0)
      ref
    uglifier (2.3.0)
      execjs (>= 0.3.0)
      json (>= 1.8.0)

PLATFORMS
  ruby

DEPENDENCIES
  rake
  therubyracer
  uglifier
